GEM
  specs:
    rake (13.0.1)

PLATFORMS
  ruby

DEPENDENCIES
  rake (>= 12.3.3)

BUNDLED WITH
   1.17.2
